GEM
  remote: https://rubygems.org/
  specs:
    json (2.2.0)
    ruby_http_client (3.3.0)
    sendgrid-ruby (6.0.0)
      ruby_http_client (~> 3.3.0)

PLATFORMS
  ruby

DEPENDENCIES
  json (~> 2.2)
  sendgrid-ruby (~> 6.0)

BUNDLED WITH
   2.0.1
