GEM
  remote: https://rubygems.org/
  specs:
    colorize (0.8.1)
    json (1.8.6)
    ruby_http_client (3.3.0)
    rubyjokes (1.0.1)
    sendgrid-ruby (6.0.0)
      ruby_http_client (~> 3.3.0)

PLATFORMS
  ruby

DEPENDENCIES
  colorize (~> 0.8.1)
  json
  rubyjokes (~> 1.0)
  sendgrid-ruby (~> 6.0)

BUNDLED WITH
   2.0.1
