GEM
  remote: https://rubygems.org/
  specs:
    colorize (0.8.1)
    json (2.3.0)
    power_assert (1.1.5)
    ruby_http_client (3.3.0)
    rubyjokes (1.0.1)
    sendgrid-ruby (6.0.0)
      ruby_http_client (~> 3.3.0)
    test-unit (3.3.3)
      power_assert

PLATFORMS
  ruby

DEPENDENCIES
  colorize (~> 0.8.1)
  json
  rubyjokes (~> 1.0)
  sendgrid-ruby (~> 6.0)
  test-unit (~> 3.3)

BUNDLED WITH
   2.0.1
